GEM
  remote: https://rubygems.org/
  specs:
    jenkins-plugin-runtime (0.2.3)
      json
      slop (~> 3.0.2)
    jenkins-war (1.514)
    jpi (0.4.0)
      bundler
      jenkins-plugin-runtime (~> 0.2.3)
      jenkins-war (> 1.427)
      rubyzip (~> 1.1.0)
      thor
    json (1.8.3-java)
    kramdown (1.10.0)
    markdown2confluence (0.0.4)
      kramdown
      nokogiri
    nokogiri (1.6.7.2-java)
    rake (10.5.0)
    rubyzip (1.1.7)
    slop (3.0.4)
    thor (0.19.1)

PLATFORMS
  java

DEPENDENCIES
  jpi
  markdown2confluence (~> 0.0)
  rake (~> 10.1)

BUNDLED WITH
   1.11.2
