GEM
  remote: http://rubygems.org/
  specs:
    jenkins-plugin-runtime (0.2.3)
      json
      slop (~> 3.0.2)
    jenkins-war (1.514)
    jpi (0.3.8)
      bundler
      jenkins-plugin-runtime (~> 0.2.3)
      jenkins-war (> 1.427)
      rubyzip
      thor
    json (1.8.0)
    json (1.8.0-java)
    kramdown (1.1.0)
    markdown2confluence (0.0.2)
      kramdown
      nokogiri
    mini_portile (0.5.1)
    nokogiri (1.6.0)
      mini_portile (~> 0.5.0)
    nokogiri (1.6.0-java)
      mini_portile (~> 0.5.0)
    rake (10.1.0)
    rubyzip (0.9.9)
    slop (3.0.4)
    thor (0.18.1)

PLATFORMS
  java
  ruby

DEPENDENCIES
  jpi (~> 0.3)
  markdown2confluence (~> 0.0)
  rake (~> 10.1)
