GEM
  remote: https://rubygems.org/
  specs:
    jenkins-plugin-runtime (0.2.3)
      json
      slop (~> 3.0.2)
    json (1.8.3-java)
    slop (3.0.4)

PLATFORMS
  java

DEPENDENCIES
  jenkins-plugin-runtime (= 0.2.3)

BUNDLED WITH
   1.11.2
